PATH
  remote: .
  specs:
    presume (0.0.4)
      docx
      engtagger
      ruby-stemmer

GEM
  remote: https://rubygems.org/
  specs:
    diff-lcs (1.2.5)
    docx (0.2.07)
      nokogiri (~> 1.5)
      rubyzip (~> 1.1.6)
    engtagger (0.2.1)
    mini_portile2 (2.2.0)
    nokogiri (1.8.0)
      mini_portile2 (~> 2.2.0)
    rake (10.4.2)
    rspec (3.3.0)
      rspec-core (~> 3.3.0)
      rspec-expectations (~> 3.3.0)
      rspec-mocks (~> 3.3.0)
    rspec-core (3.3.1)
      rspec-support (~> 3.3.0)
    rspec-expectations (3.3.0)
      diff-lcs (>= 1.2.0, < 2.0)
      rspec-support (~> 3.3.0)
    rspec-mocks (3.3.1)
      diff-lcs (>= 1.2.0, < 2.0)
      rspec-support (~> 3.3.0)
    rspec-support (3.3.0)
    ruby-stemmer (0.9.6)
    rubyzip (1.1.7)

PLATFORMS
  ruby

DEPENDENCIES
  presume!
  rake
  rspec

BUNDLED WITH
   1.15.0
